GEM
  remote: https://rubygems.org/
  specs:
    happybirthday (1.0.0)

PLATFORMS
  ruby

DEPENDENCIES
  happybirthday

BUNDLED WITH
   1.17.2
